PATH
  remote: .
  specs:
    flickrb (0.1.0)

GEM
  remote: https://rubygems.org/
  specs:
    ast (2.4.0)
    byebug (10.0.2)
    coderay (1.1.2)
    diff-lcs (1.3)
    faraday (0.15.2)
      multipart-post (>= 1.2, < 3)
    faraday_middleware (0.12.2)
      faraday (>= 0.7.4, < 1.0)
    jaro_winkler (1.5.1)
    method_source (0.9.0)
    multipart-post (2.0.0)
    parallel (1.12.1)
    parser (2.5.1.0)
      ast (~> 2.4.0)
    powerpack (0.1.2)
    pry (0.11.3)
      coderay (~> 1.1.0)
      method_source (~> 0.9.0)
    pry-byebug (3.6.0)
      byebug (~> 10.0)
      pry (~> 0.10)
    rainbow (3.0.0)
    rake (10.5.0)
    rspec (3.7.0)
      rspec-core (~> 3.7.0)
      rspec-expectations (~> 3.7.0)
      rspec-mocks (~> 3.7.0)
    rspec-core (3.7.1)
      rspec-support (~> 3.7.0)
    rspec-expectations (3.7.0)
      diff-lcs (>= 1.2.0, < 2.0)
      rspec-support (~> 3.7.0)
    rspec-mocks (3.7.0)
      diff-lcs (>= 1.2.0, < 2.0)
      rspec-support (~> 3.7.0)
    rspec-support (3.7.1)
    rspec_junit_formatter (0.4.1)
      rspec-core (>= 2, < 4, != 2.12.0)
    rubocop (0.57.2)
      jaro_winkler (~> 1.5.1)
      parallel (~> 1.10)
      parser (>= 2.5)
      powerpack (~> 0.1)
      rainbow (>= 2.2.2, < 4.0)
      ruby-progressbar (~> 1.7)
      unicode-display_width (~> 1.0, >= 1.0.1)
    ruby-progressbar (1.9.0)
    unicode-display_width (1.4.0)
    yard (0.9.14)

PLATFORMS
  ruby

DEPENDENCIES
  bundler (~> 1.16.2)
  faraday (~> 0.15)
  faraday_middleware (~> 0.12)
  flickrb!
  pry
  pry-byebug (~> 3.6)
  rake (~> 10.0)
  rspec
  rspec_junit_formatter
  rubocop (~> 0.57)
  yard

BUNDLED WITH
   1.16.2
